PATH
  remote: .
  specs:
    konfig-yaml (0.5.0)

GEM
  remote: https://rubygems.org/
  specs:
    rake (10.5.0)

PLATFORMS
  ruby

DEPENDENCIES
  bundler (~> 1.16)
  konfig-yaml!
  rake (~> 10.0)

BUNDLED WITH
   1.16.0
